GIT
  remote: https://github.com/intridea/omniauth-ldap.git
  revision: 77e842e9bf1eadcad034139456baeb48d6cdcc54
  specs:
    omniauth-ldap (1.0.3)
      net-ldap (~> 0.2.2)
      omniauth (~> 1.0)
      pyu-ruby-sasl (~> 0.0.3.1)
      rubyntlm (~> 0.1.1)

GIT
  remote: https://github.com/plataformatec/devise.git
  revision: 520e2845aef33c7e69e9bd052964daf27719aaba
  specs:
    devise (3.1.0)
      bcrypt-ruby (~> 3.0)
      orm_adapter (~> 0.1)
      railties (>= 3.2.6, < 5)
      thread_safe (~> 0.1)
      warden (~> 1.2.3)

GEM
  remote: https://rubygems.org/
  specs:
    ZenTest (4.9.4)
    actionmailer (3.2.13)
      actionpack (= 3.2.13)
      mail (~> 2.5.3)
    actionpack (3.2.13)
      activemodel (= 3.2.13)
      activesupport (= 3.2.13)
      builder (~> 3.0.0)
      erubis (~> 2.7.0)
      journey (~> 1.0.4)
      rack (~> 1.4.5)
      rack-cache (~> 1.2)
      rack-test (~> 0.6.1)
      sprockets (~> 2.2.1)
    activemodel (3.2.13)
      activesupport (= 3.2.13)
      builder (~> 3.0.0)
    activerecord (3.2.13)
      activemodel (= 3.2.13)
      activesupport (= 3.2.13)
      arel (~> 3.0.2)
      tzinfo (~> 0.3.29)
    activeresource (3.2.13)
      activemodel (= 3.2.13)
      activesupport (= 3.2.13)
    activesupport (3.2.13)
      i18n (= 0.6.1)
      multi_json (~> 1.0)
    addressable (2.3.5)
    arel (3.0.2)
    arrayfields (4.9.0)
    atomic (1.1.14)
    autotest (4.4.6)
      ZenTest (>= 4.4.1)
    awesome_print (1.2.0)
    bcrypt-ruby (3.0.1)
    bluff (0.1.0)
    builder (3.0.4)
    cane (2.6.0)
      parallel
    capybara (2.1.0)
      mime-types (>= 1.16)
      nokogiri (>= 1.3.3)
      rack (>= 1.0.0)
      rack-test (>= 0.5.4)
      xpath (~> 2.0)
    chronic (0.9.1)
    churn (0.0.34)
      chronic (>= 0.2.3)
      hirb
      json_pure
      main
      ruby_parser (~> 3.0)
      sexp_processor (~> 4.1)
    climate_control (0.0.3)
      activesupport (>= 3.0)
    cocaine (0.5.1)
      climate_control (>= 0.0.3, < 1.0)
    code_analyzer (0.4.3)
      sexp_processor
    code_metrics (0.1.1)
    coderay (1.0.9)
    coffee-rails (3.2.2)
      coffee-script (>= 2.2.0)
      railties (~> 3.2.0)
    coffee-script (2.2.0)
      coffee-script-source
      execjs
    coffee-script-source (1.6.3)
    colored (1.2)
    columnize (0.3.6)
    cucumber (1.3.8)
      builder (>= 2.1.2)
      diff-lcs (>= 1.1.3)
      gherkin (~> 2.12.1)
      multi_json (>= 1.7.5, < 2.0)
      multi_test (>= 0.0.2)
    cucumber-rails (1.4.0)
      capybara (>= 1.1.2)
      cucumber (>= 1.2.0)
      nokogiri (>= 1.5.0)
      rails (>= 3.0.0)
    cucumber-rails-training-wheels (1.0.0)
      cucumber-rails (>= 1.1.1)
    database_cleaner (1.1.1)
    debugger (1.6.2)
      columnize (>= 0.3.1)
      debugger-linecache (~> 1.2.0)
      debugger-ruby_core_source (~> 1.2.3)
    debugger-linecache (1.2.0)
    debugger-ruby_core_source (1.2.3)
    deepopenstruct (0.1.2)
    diff-lcs (1.2.4)
    erubis (2.7.0)
    execjs (2.0.1)
    factory_girl (4.2.0)
      activesupport (>= 3.0.0)
    factory_girl_rails (4.2.1)
      factory_girl (~> 4.2.0)
      railties (>= 3.0.0)
    faker (1.2.0)
      i18n (~> 0.5)
    fattr (2.2.1)
    ffi (1.9.0)
    flay (2.4.0)
      ruby_parser (~> 3.0)
      sexp_processor (~> 4.0)
    flog (4.1.2)
      ruby_parser (~> 3.1, > 3.1.0)
      sexp_processor (~> 4.0)
    formatador (0.2.4)
    gherkin (2.12.1)
      multi_json (~> 1.3)
    guard (1.8.3)
      formatador (>= 0.2.4)
      listen (~> 1.3)
      lumberjack (>= 1.0.2)
      pry (>= 0.9.10)
      thor (>= 0.14.6)
    guard-rspec (3.1.0)
      guard (>= 1.8)
      rspec (~> 2.13)
    haml (4.0.3)
      tilt
    haml-rails (0.4)
      actionpack (>= 3.1, < 4.1)
      activesupport (>= 3.1, < 4.1)
      haml (>= 3.1, < 4.1)
      railties (>= 3.1, < 4.1)
    hashie (2.0.5)
    hike (1.2.3)
    hirb (0.7.1)
    i18n (0.6.1)
    journey (1.0.4)
    jquery-rails (3.0.4)
      railties (>= 3.0, < 5.0)
      thor (>= 0.14, < 2.0)
    json (1.8.0)
    json_pure (1.8.0)
    launchy (2.3.0)
      addressable (~> 2.3)
    listen (1.3.1)
      rb-fsevent (>= 0.9.3)
      rb-inotify (>= 0.9)
      rb-kqueue (>= 0.2)
    lumberjack (1.0.4)
    mail (2.5.4)
      mime-types (~> 1.16)
      treetop (~> 1.4.8)
    main (5.2.0)
      arrayfields (>= 4.7.4)
      chronic (>= 0.6.2)
      fattr (>= 2.2.0)
      map (>= 5.1.0)
    map (6.5.1)
    method_source (0.8.2)
    metric_fu (4.4.3)
      bluff
      cane (~> 2.5, >= 2.5.2)
      churn (~> 0.0.28)
      code_metrics (~> 0.1)
      coderay
      flay (~> 2.1, >= 2.0.1)
      flog (~> 4.1, >= 4.1.1)
      metric_fu-Saikuro (>= 1.1.1.0)
      multi_json
      rails_best_practices (~> 1.14, >= 1.14.3)
      redcard
      reek (~> 1.3, >= 1.3.3)
      roodi (~> 3.1)
    metric_fu-Saikuro (1.1.1.0)
    mime-types (1.25)
    mini_portile (0.5.1)
    multi_json (1.8.0)
    multi_test (0.0.2)
    net-ldap (0.2.2)
    nokogiri (1.6.0)
      mini_portile (~> 0.5.0)
    oauth (0.4.7)
    omniauth (1.1.4)
      hashie (>= 1.2, < 3)
      rack
    omniauth-oauth (1.0.1)
      oauth
      omniauth (~> 1.0)
    omniauth-twitter (1.0.0)
      multi_json (~> 1.3)
      omniauth-oauth (~> 1.0)
    orm_adapter (0.4.0)
    paperclip (3.0.4)
      activemodel (>= 3.0.0)
      activerecord (>= 3.0.0)
      activesupport (>= 3.0.0)
      cocaine (>= 0.0.2)
      mime-types
    parallel (0.8.4)
    pg (0.17.0)
    polyglot (0.3.3)
    pry (0.9.12.2)
      coderay (~> 1.0.5)
      method_source (~> 0.8)
      slop (~> 3.4)
    pyu-ruby-sasl (0.0.3.3)
    rack (1.4.5)
    rack-cache (1.2)
      rack (>= 0.4)
    rack-ssl (1.3.3)
      rack
    rack-test (0.6.2)
      rack (>= 1.0)
    rails (3.2.13)
      actionmailer (= 3.2.13)
      actionpack (= 3.2.13)
      activerecord (= 3.2.13)
      activeresource (= 3.2.13)
      activesupport (= 3.2.13)
      bundler (~> 1.0)
      railties (= 3.2.13)
    rails_best_practices (1.14.4)
      activesupport
      awesome_print
      code_analyzer (>= 0.4.3)
      colored
      erubis
      i18n
      require_all
      ruby-progressbar
    railties (3.2.13)
      actionpack (= 3.2.13)
      activesupport (= 3.2.13)
      rack-ssl (~> 1.3.2)
      rake (>= 0.8.7)
      rdoc (~> 3.4)
      thor (>= 0.14.6, < 2.0)
    rake (10.1.0)
    rb-fsevent (0.9.3)
    rb-inotify (0.9.2)
      ffi (>= 0.5.0)
    rb-kqueue (0.2.0)
      ffi (>= 0.5.0)
    rdoc (3.12.2)
      json (~> 1.4)
    redcard (1.1.0)
    reek (1.3.3)
      ruby2ruby (~> 2.0.2)
      ruby_parser (~> 3.1, >= 3.1.1)
      sexp_processor
    require_all (1.3.1)
    roodi (3.1.1)
      ruby_parser (~> 3.2, >= 3.2.2)
    rspec (2.14.1)
      rspec-core (~> 2.14.0)
      rspec-expectations (~> 2.14.0)
      rspec-mocks (~> 2.14.0)
    rspec-core (2.14.5)
    rspec-expectations (2.14.3)
      diff-lcs (>= 1.1.3, < 2.0)
    rspec-mocks (2.14.3)
    rspec-rails (2.14.0)
      actionpack (>= 3.0)
      activesupport (>= 3.0)
      railties (>= 3.0)
      rspec-core (~> 2.14.0)
      rspec-expectations (~> 2.14.0)
      rspec-mocks (~> 2.14.0)
    ruby-graphviz (1.0.9)
    ruby-progressbar (1.2.0)
    ruby-tmdb (0.2.1)
      addressable
      deepopenstruct (>= 0.1.2)
      json
    ruby2ruby (2.0.6)
      ruby_parser (~> 3.1)
      sexp_processor (~> 4.0)
    ruby_parser (3.2.2)
      sexp_processor (~> 4.1)
    rubyntlm (0.1.1)
    sass (3.2.10)
    sass-rails (3.2.6)
      railties (~> 3.2.0)
      sass (>= 3.1.10)
      tilt (~> 1.3)
    sexp_processor (4.3.0)
    shoulda (3.5.0)
      shoulda-context (~> 1.0, >= 1.0.1)
      shoulda-matchers (>= 1.4.1, < 3.0)
    shoulda-context (1.1.5)
    shoulda-matchers (2.4.0)
      activesupport (>= 3.0.0)
    slop (3.4.6)
    spork (0.9.2)
    sprockets (2.2.2)
      hike (~> 1.2)
      multi_json (~> 1.0)
      rack (~> 1.0)
      tilt (~> 1.1, != 1.3.0)
    thor (0.18.1)
    thread_safe (0.1.3)
      atomic
    tilt (1.4.1)
    timecop (0.6.1)
    treetop (1.4.15)
      polyglot
      polyglot (>= 0.3.1)
    tzinfo (0.3.37)
    uglifier (2.2.1)
      execjs (>= 0.3.0)
      multi_json (~> 1.0, >= 1.0.2)
    warden (1.2.3)
      rack (>= 1.0)
    xpath (2.0.0)
      nokogiri (~> 1.3)

PLATFORMS
  ruby

DEPENDENCIES
  autotest
  bcrypt-ruby (~> 3.0.0)
  capybara
  chronic (= 0.9.1)
  coffee-rails (~> 3.2.1)
  cucumber
  cucumber-rails
  cucumber-rails-training-wheels
  database_cleaner
  debugger
  devise!
  factory_girl_rails
  faker
  flay
  flog
  guard-rspec
  haml-rails
  jquery-rails
  launchy
  metric_fu
  nokogiri
  omniauth
  omniauth-ldap!
  omniauth-twitter
  paperclip
  pg
  rails (= 3.2.13)
  reek
  rspec-rails
  ruby-graphviz
  ruby-tmdb (= 0.2.1)
  sass-rails (~> 3.2.3)
  shoulda
  spork
  timecop (= 0.6.1)
  uglifier (>= 1.0.3)
